GEM
  remote: https://rubygems.org/
  specs:
    activesupport (3.2.17)
      i18n (~> 0.6, >= 0.6.4)
      multi_json (~> 1.0)
    geoutm (1.0.2)
    i18n (0.6.9)
    multi_json (1.9.0)

PLATFORMS
  ruby

DEPENDENCIES
  activesupport (= 3.2.17)
  geoutm
